GEM
  remote: https://rubygems.org/
  specs:
    erubis (2.7.0)
    json (1.8.2)
    mini_portile2 (2.4.0)
    nokogiri (1.10.10)
      mini_portile2 (~> 2.4.0)
    rake (10.4.2)
    rdoc (4.2.0)
      json (~> 1.4)

PLATFORMS
  ruby

DEPENDENCIES
  erubis
  nokogiri
  rake
  rdoc
