GEM
  remote: https://rubygems.org/
  specs:
    erubis (2.7.0)
    json (1.8.2)
    mini_portile (0.6.2)
    nokogiri (1.6.6.2)
      mini_portile (~> 0.6.0)
    rake (12.3.3)
    rdoc (4.2.0)
      json (~> 1.4)

PLATFORMS
  ruby

DEPENDENCIES
  erubis
  nokogiri
  rake
  rdoc
